PATH
  remote: .
  specs:
    capistrano-scm-jenkins (0.0.1)

GEM
  remote: http://rubygems.org/
  specs:

PLATFORMS
  ruby

DEPENDENCIES
  capistrano-scm-jenkins!
