PATH
  remote: .
  specs:
    capistrano-scm-jenkins (0.0.9)
      capistrano (~> 2.0)
      net-netrc
      rubyzip (~> 0.0)

GEM
  remote: https://rubygems.org/
  specs:
    Platform (0.4.0)
    capistrano (2.15.5)
      highline
      net-scp (>= 1.0.0)
      net-sftp (>= 2.0.0)
      net-ssh (>= 2.0.14)
      net-ssh-gateway (>= 1.1.0)
    diff-lcs (1.2.5)
    highline (1.6.21)
    net-netrc (0.2.2)
      Platform (>= 0.3.0)
    net-scp (1.2.1)
      net-ssh (>= 2.6.5)
    net-sftp (2.1.2)
      net-ssh (>= 2.6.5)
    net-ssh (2.9.1)
    net-ssh-gateway (1.2.0)
      net-ssh (>= 2.6.5)
    rake (10.1.1)
    rspec (2.14.1)
      rspec-core (~> 2.14.0)
      rspec-expectations (~> 2.14.0)
      rspec-mocks (~> 2.14.0)
    rspec-core (2.14.7)
    rspec-expectations (2.14.4)
      diff-lcs (>= 1.1.3, < 2.0)
    rspec-mocks (2.14.4)
    rubyzip (0.9.9)

PLATFORMS
  ruby
  x86-mingw32

DEPENDENCIES
  capistrano-scm-jenkins!
  rake
  rspec
