PATH
  remote: .
  specs:
    capistrano-scm-jenkins (0.2.0.beta2)
      capistrano (~> 3.1)

GEM
  remote: https://rubygems.org/
  specs:
    capistrano (3.1.0)
      i18n
      rake (>= 10.0.0)
      sshkit (~> 1.3)
    diff-lcs (1.2.5)
    i18n (0.6.9)
    metaclass (0.0.4)
    mocha (1.0.0)
      metaclass (~> 0.0.1)
    net-scp (1.1.2)
      net-ssh (>= 2.6.5)
    net-ssh (2.8.0)
    rake (10.1.1)
    rspec (2.14.1)
      rspec-core (~> 2.14.0)
      rspec-expectations (~> 2.14.0)
      rspec-mocks (~> 2.14.0)
    rspec-core (2.14.8)
    rspec-expectations (2.14.5)
      diff-lcs (>= 1.1.3, < 2.0)
    rspec-mocks (2.14.6)
    sshkit (1.3.0)
      net-scp (>= 1.1.2)
      net-ssh
      term-ansicolor
    term-ansicolor (1.3.0)
      tins (~> 1.0)
    tins (1.0.0)

PLATFORMS
  ruby
  x86-mingw32

DEPENDENCIES
  bundler (~> 1.5)
  capistrano-scm-jenkins!
  mocha
  rake
  rspec
